PATH
  remote: .
  specs:
    ses_machine (0.0.1.dev)
      aws-ses (>= 0.4.2)
      mail (>= 2.2.15)
      mongo (>= 1.3.0)
      rubydkim (>= 0.3.1)
      will_paginate (>= 2.3.15)

GEM
  remote: https://rubygems.org/
  specs:
    aws-ses (0.4.4)
      builder
      mail (> 2.2.5)
      mime-types
      xml-simple
    bson (1.6.4)
    builder (3.2.2)
    dnsruby (1.53)
    mail (2.5.4)
      mime-types (~> 1.16)
      treetop (~> 1.4.8)
    mime-types (1.24)
    mongo (1.6.4)
      bson (~> 1.6.4)
    polyglot (0.3.3)
    rubydkim (0.3.1)
      dnsruby
    treetop (1.4.15)
      polyglot
      polyglot (>= 0.3.1)
    will_paginate (3.0.3)
    xml-simple (1.1.2)

PLATFORMS
  ruby

DEPENDENCIES
  ses_machine!
