PATH
  remote: .
  specs:
    ses_machine (0.0.2)
      aws-ses (>= 0.4.4)
      bson (>= 1.9.1)
      bson_ext (>= 1.9.1)
      mail (>= 2.4.4)
      mongo (>= 1.9.1)
      rubydkim (>= 0.3.1)
      will_paginate (>= 3.0.4)

GEM
  remote: https://rubygems.org/
  specs:
    aws-ses (0.5.0)
      builder
      mail (> 2.2.5)
      mime-types
      xml-simple
    bson (1.9.2)
    bson_ext (1.9.2)
      bson (~> 1.9.2)
    builder (3.2.2)
    dnsruby (1.54)
    mail (2.5.4)
      mime-types (~> 1.16)
      treetop (~> 1.4.8)
    mime-types (1.25)
    mongo (1.9.2)
      bson (~> 1.9.2)
    polyglot (0.3.3)
    rubydkim (0.3.1)
      dnsruby
    treetop (1.4.15)
      polyglot
      polyglot (>= 0.3.1)
    will_paginate (3.0.5)
    xml-simple (1.1.2)

PLATFORMS
  ruby

DEPENDENCIES
  ses_machine!
